GEM
  remote: https://rubygems.org/
  specs:
    metaclass (0.0.4)
    mocha (1.3.0)
      metaclass (~> 0.0.1)

PLATFORMS
  ruby

DEPENDENCIES
  mocha

RUBY VERSION
   ruby 2.4.0p0

BUNDLED WITH
   1.15.1
